PATH
  remote: .
  specs:
    rubythinking (0.3.0)
      croupier
      distribution
      iruby-chartkick
      matrix
      ostruct

GEM
  remote: https://rubygems.org/
  specs:
    chartkick (5.1.5)
    croupier (1.6.0)
    data_uri (0.1.0)
    date (3.4.1)
    diff-lcs (1.6.2)
    distribution (0.8.0)
    erb (5.0.2)
    ffi (1.17.2)
    ffi (1.17.2-arm64-darwin)
    ffi-rzmq (2.0.7)
      ffi-rzmq-core (>= 1.0.7)
    ffi-rzmq-core (1.0.7)
      ffi
    io-console (0.8.1)
    irb (1.15.2)
      pp (>= 0.6.0)
      rdoc (>= 4.0.0)
      reline (>= 0.4.2)
    iruby (0.8.2)
      data_uri (~> 0.1)
      ffi-rzmq
      irb
      logger
      mime-types (>= 3.3.1)
      multi_json (~> 1.11)
    iruby-chartkick (0.4.0)
      chartkick (~> 5.1.0)
      iruby
    logger (1.7.0)
    matrix (0.4.3)
    mime-types (3.7.0)
      logger
      mime-types-data (~> 3.2025, >= 3.2025.0507)
    mime-types-data (3.2025.0924)
    multi_json (1.17.0)
    ostruct (0.6.1)
    pp (0.6.2)
      prettyprint
    prettyprint (0.2.0)
    psych (5.2.6)
      date
      stringio
    rake (12.3.3)
    rdoc (6.15.0)
      erb
      psych (>= 4.0.0)
      tsort
    reline (0.6.2)
      io-console (~> 0.5)
    rspec (3.13.1)
      rspec-core (~> 3.13.0)
      rspec-expectations (~> 3.13.0)
      rspec-mocks (~> 3.13.0)
    rspec-core (3.13.5)
      rspec-support (~> 3.13.0)
    rspec-expectations (3.13.5)
      diff-lcs (>= 1.2.0, < 2.0)
      rspec-support (~> 3.13.0)
    rspec-mocks (3.13.5)
      diff-lcs (>= 1.2.0, < 2.0)
      rspec-support (~> 3.13.0)
    rspec-support (3.13.6)
    stringio (3.1.7)
    tsort (0.2.0)

PLATFORMS
  arm64-darwin-23

DEPENDENCIES
  rake (~> 12.0)
  rspec (~> 3.0)
  rubythinking!

BUNDLED WITH
   2.7.2
