PATH
  remote: .
  specs:
    rubythinking (0.2.0)
      cmd_stan_rb
      croupier
      distribution
      vega

GEM
  remote: https://rubygems.org/
  specs:
    cmd_stan_rb (0.4.0)
    croupier (1.6.0)
    diff-lcs (1.4.4)
    distribution (0.8.0)
    rake (12.3.3)
    rspec (3.10.0)
      rspec-core (~> 3.10.0)
      rspec-expectations (~> 3.10.0)
      rspec-mocks (~> 3.10.0)
    rspec-core (3.10.0)
      rspec-support (~> 3.10.0)
    rspec-expectations (3.10.0)
      diff-lcs (>= 1.2.0, < 2.0)
      rspec-support (~> 3.10.0)
    rspec-mocks (3.10.0)
      diff-lcs (>= 1.2.0, < 2.0)
      rspec-support (~> 3.10.0)
    rspec-support (3.10.0)
    vega (0.5.0)

PLATFORMS
  ruby

DEPENDENCIES
  rake (~> 12.0)
  rspec (~> 3.0)
  rubythinking!

BUNDLED WITH
   2.1.4
